PATH
  remote: .
  specs:
    bitcoin-ruby (0.0.18)
      eventmachine
      ffi
      scrypt

GEM
  remote: https://rubygems.org/
  specs:
    bacon (1.2.0)
    byebug (10.0.2)
    coderay (1.1.2)
    docile (1.3.1)
    eventmachine (1.2.7)
    ffi (1.9.25)
    ffi-compiler (1.0.1)
      ffi (>= 1.0.0)
      rake
    json (2.1.0)
    method_source (0.9.0)
    minitest (5.11.3)
    pry (0.11.3)
      coderay (~> 1.1.0)
      method_source (~> 0.9.0)
    pry-byebug (3.6.0)
      byebug (~> 10.0)
      pry (~> 0.10)
    rake (12.3.1)
    scrypt (3.0.5)
      ffi-compiler (>= 1.0, < 2.0)
    simplecov (0.16.1)
      docile (~> 1.1)
      json (>= 1.8, < 3)
      simplecov-html (~> 0.10.0)
    simplecov-html (0.10.2)

PLATFORMS
  ruby

DEPENDENCIES
  bacon (~> 1.2.0)
  bitcoin-ruby!
  minitest (~> 5.11.3)
  pry (~> 0.11.3)
  pry-byebug (~> 3.6.0)
  rake (~> 12.3.1)
  simplecov (~> 0.16.1)

BUNDLED WITH
   1.16.2
